PATH
  remote: .
  specs:
    tros (1.7.6.4)

GEM
  remote: https://rubygems.org/
  specs:
    minitest (5.0.6)
    rake (13.0.1)

PLATFORMS
  java
  ruby

DEPENDENCIES
  minitest (~> 5)
  rake
  tros!
